PATH
  remote: .
  specs:
    dwh (0.1.0)
      activesupport (~> 8.0.2)
      connection_pool (~> 2.4)
      csv (~> 3.3.5)
      faraday
      jwt (~> 2.10.1)
      logger

GEM
  remote: https://rubygems.org/
  specs:
    activesupport (8.0.2)
      base64
      benchmark (>= 0.3)
      bigdecimal
      concurrent-ruby (~> 1.0, >= 1.3.1)
      connection_pool (>= 2.2.5)
      drb
      i18n (>= 1.6, < 2)
      logger (>= 1.4.2)
      minitest (>= 5.1)
      securerandom (>= 0.3)
      tzinfo (~> 2.0, >= 2.0.5)
      uri (>= 0.13.1)
    aws-eventstream (1.4.0)
    aws-partitions (1.1147.0)
    aws-sdk-athena (1.108.0)
      aws-sdk-core (~> 3, >= 3.228.0)
      aws-sigv4 (~> 1.5)
    aws-sdk-core (3.229.0)
      aws-eventstream (~> 1, >= 1.3.0)
      aws-partitions (~> 1, >= 1.992.0)
      aws-sigv4 (~> 1.9)
      base64
      bigdecimal
      jmespath (~> 1, >= 1.6.1)
      logger
    aws-sdk-kms (1.110.0)
      aws-sdk-core (~> 3, >= 3.228.0)
      aws-sigv4 (~> 1.5)
    aws-sdk-s3 (1.196.1)
      aws-sdk-core (~> 3, >= 3.228.0)
      aws-sdk-kms (~> 1)
      aws-sigv4 (~> 1.5)
    aws-sigv4 (1.12.1)
      aws-eventstream (~> 1, >= 1.0.2)
    base64 (0.3.0)
    benchmark (0.4.1)
    bigdecimal (3.2.2)
    concurrent-ruby (1.3.5)
    connection_pool (2.5.3)
    csv (3.3.5)
    date (3.4.1)
    debug (1.11.0)
      irb (~> 1.10)
      reline (>= 0.3.8)
    drb (2.2.3)
    duckdb (1.3.1.0)
      bigdecimal (>= 3.1.4)
    erb (5.0.1)
    faraday (2.13.2)
      faraday-net_http (>= 2.0, < 3.5)
      json
      logger
    faraday-follow_redirects (0.3.0)
      faraday (>= 1, < 3)
    faraday-gzip (3.0.4)
      faraday (>= 2.0, < 3)
      zlib (~> 3.0)
    faraday-net_http (3.4.1)
      net-http (>= 0.5.0)
    i18n (1.14.7)
      concurrent-ruby (~> 1.0)
    io-console (0.8.0)
    irb (1.15.2)
      pp (>= 0.6.0)
      rdoc (>= 4.0.0)
      reline (>= 0.4.2)
    jmespath (1.6.2)
    json (2.12.2)
    jwt (2.10.2)
      base64
    kramdown (2.5.1)
      rexml (>= 3.3.9)
    logger (1.7.0)
    minitest (5.25.5)
    msgpack (1.8.0)
    mysql2 (0.5.6)
    net-http (0.6.0)
      uri
    pg (1.5.9)
    pp (0.6.2)
      prettyprint
    prettyprint (0.2.0)
    psych (5.2.6)
      date
      stringio
    rake (13.3.0)
    rdoc (6.14.2)
      erb
      psych (>= 4.0.0)
    reline (0.6.1)
      io-console (~> 0.5)
    rexml (3.4.1)
    securerandom (0.4.1)
    stringio (3.1.7)
    tiny_tds (3.2.1)
      bigdecimal (~> 3)
    tiny_tds (3.2.1-x86_64-linux-gnu)
      bigdecimal (~> 3)
    trino-client (2.2.2)
      faraday (>= 1, < 3)
      faraday-follow_redirects (>= 0.3)
      faraday-gzip (>= 1)
      msgpack (>= 1.5.1)
    tzinfo (2.0.6)
      concurrent-ruby (~> 1.0)
    uri (1.0.3)
    yard (0.9.37)
    zlib (3.2.1)

PLATFORMS
  x86_64-linux

DEPENDENCIES
  aws-sdk-athena
  aws-sdk-s3
  debug
  duckdb
  dwh!
  irb
  kramdown
  minitest (~> 5.16)
  mysql2
  pg
  rake (~> 13.0)
  tiny_tds
  trino-client
  yard

BUNDLED WITH
   2.6.9
